STORAGE: NONE
RESTRICTION: == net7.0-windows10.0.19041.0
NUGET
  remote: https://api.nuget.org/v3/index.json
    FSharp.Core (7.0.300)
    Microsoft.Toolkit.Uwp.Notifications (7.1.3)
      System.ValueTuple (>= 4.5)
    System.CodeDom (7.0)
    System.Management (7.0.2)
      System.CodeDom (>= 7.0)
    System.ValueTuple (4.5)
